GEM
  remote: http://rubygems.org/
  specs:
    coderay (1.0.9)
    dir (0.1.2)
    fileutils (0.7)
      rmagick (>= 2.13.1)
    method_source (0.8.2)
    pry (0.9.12.2)
      coderay (~> 1.0.5)
      method_source (~> 0.8)
      slop (~> 3.4)
    rack (1.5.2)
    rack-protection (1.5.0)
      rack
    rmagick (2.13.2)
    sinatra (1.4.3)
      rack (~> 1.4)
      rack-protection (~> 1.4)
      tilt (~> 1.3, >= 1.3.4)
    slop (3.4.6)
    tilt (1.4.1)

PLATFORMS
  ruby

DEPENDENCIES
  dir
  fileutils
  pry
  rack
  sinatra
